PATH
  remote: .
  specs:
    facebookbusiness (20.0.0)
      concurrent-ruby (~> 1.1)
      countries (>= 3, < 6)
      faraday (~> 2.6)
      faraday-multipart (~> 1.0.4)
      json (~> 2.6)
      money (~> 6.13)

GEM
  remote: https://rubygems.org/
  specs:
    ast (2.4.2)
    awesome_print (1.9.2)
    byebug (11.1.3)
    coderay (1.1.3)
    concurrent-ruby (1.3.3)
    coolline (0.5.0)
      unicode_utils (~> 1.4)
    countries (5.7.2)
      unaccent (~> 0.3)
    diff-lcs (1.5.0)
    dotenv (2.8.1)
    faraday (2.9.2)
      faraday-net_http (>= 2.0, < 3.2)
    faraday-multipart (1.0.4)
      multipart-post (~> 2)
    faraday-net_http (3.1.0)
      net-http
    i18n (1.14.5)
      concurrent-ruby (~> 1.0)
    json (2.7.2)
    method_source (1.0.0)
    minitest (5.14.4)
    money (6.19.0)
      i18n (>= 0.6.4, <= 2)
    multipart-post (2.4.1)
    net-http (0.4.1)
      uri
    parallel (1.22.1)
    parser (3.2.0.0)
      ast (~> 2.4.1)
    pry (0.14.2)
      coderay (~> 1.1)
      method_source (~> 1.0)
    pry-coolline (0.2.6)
      coolline (~> 0.5)
      pry (~> 0.13)
    rainbow (3.1.1)
    rake (13.0.6)
    regexp_parser (2.6.2)
    rexml (3.3.3)
      strscan
    rspec (3.12.0)
      rspec-core (~> 3.12.0)
      rspec-expectations (~> 3.12.0)
      rspec-mocks (~> 3.12.0)
    rspec-core (3.12.0)
      rspec-support (~> 3.12.0)
    rspec-expectations (3.12.2)
      diff-lcs (>= 1.2.0, < 2.0)
      rspec-support (~> 3.12.0)
    rspec-mocks (3.12.3)
      diff-lcs (>= 1.2.0, < 2.0)
      rspec-support (~> 3.12.0)
    rspec-support (3.12.0)
    rubocop (0.93.1)
      parallel (~> 1.10)
      parser (>= 2.7.1.5)
      rainbow (>= 2.2.2, < 4.0)
      regexp_parser (>= 1.8)
      rexml
      rubocop-ast (>= 0.6.0)
      ruby-progressbar (~> 1.7)
      unicode-display_width (>= 1.4.0, < 2.0)
    rubocop-ast (1.24.1)
      parser (>= 3.1.1.0)
    ruby-progressbar (1.11.0)
    strscan (3.1.0)
    unaccent (0.4.0)
    unicode-display_width (1.8.0)
    unicode_utils (1.4.0)
    uri (0.13.0)

PLATFORMS
  arm64-darwin-22
  x86_64-linux

DEPENDENCIES
  awesome_print (~> 1.8)
  bundler (~> 2.2)
  byebug (~> 11.0)
  dotenv (~> 2.7)
  facebookbusiness!
  minitest (~> 5.14.2)
  pry (~> 0.12)
  pry-coolline (~> 0.2)
  rake (~> 13.0)
  rspec (~> 3.8)
  rubocop (~> 0.71)

BUNDLED WITH
   2.2.33
